GEM
  remote: https://rubygems.org/
  specs:
    httparty (0.16.1)
      multi_xml (>= 0.5.2)
    mini_portile2 (2.3.0)
    multi_xml (0.6.0)
    nokogiri (1.8.2)
      mini_portile2 (~> 2.3.0)

PLATFORMS
  ruby

DEPENDENCIES
  httparty (~> 0.16.1)
  nokogiri (~> 1.8, >= 1.8.2)

BUNDLED WITH
   1.16.1
